GEM
  remote: https://rubygems.org/
  specs:
    rack (1.6.1)
    redis (3.2.1)
    sinatra (1.1.0)
      rack (~> 1.1)
      tilt (~> 1.1)
    tilt (1.4.1)

PLATFORMS
  ruby

DEPENDENCIES
  redis
  sinatra (= 1.1.0)
